GEM
  remote: https://rubygems.org/
  specs:
    elasticsearch (7.0.0)
      elasticsearch-api (= 7.0.0)
      elasticsearch-transport (= 7.0.0)
    elasticsearch-api (7.0.0)
      multi_json
    elasticsearch-transport (7.0.0)
      faraday
      multi_json
    faraday (0.15.4)
      multipart-post (>= 1.2, < 3)
    minitest (5.11.3)
    multi_json (1.13.1)
    multipart-post (2.1.0)

PLATFORMS
  ruby

DEPENDENCIES
  elasticsearch
  minitest

BUNDLED WITH
   1.16.3
