GEM
  remote: https://rubygems.org/
  specs:
    algoliasearch (1.26.0)
      httpclient (~> 2.8, >= 2.8.3)
      json (>= 1.5.1)
    httpclient (2.8.3)
    json (2.2.0)
    minitest (5.11.3)

PLATFORMS
  ruby

DEPENDENCIES
  algoliasearch
  minitest

BUNDLED WITH
   1.16.3
